PATH
  remote: .
  specs:
    howdoi (0.0.2)
      nokogiri (>= 1.5.6)

GEM
  remote: http://rubygems.org/
  specs:
    minitest (2.5.1)
    nokogiri (1.5.6)
    rake (10.0.3)

PLATFORMS
  ruby

DEPENDENCIES
  howdoi!
  minitest
  rake
